PATH
  remote: .
  specs:
    heyterminal (0.1.0)
      cucumber-cucumber-expressions (~> 14.0)
      dry-cli (~> 0.4.0)
      rainbow (~> 3.0.0)
      terrapin (~> 0.6.0)

GEM
  remote: https://rubygems.org/
  specs:
    climate_control (0.2.0)
    concurrent-ruby (1.1.9)
    cucumber-cucumber-expressions (14.0.0)
    diff-lcs (1.5.0)
    dry-cli (0.4.0)
      concurrent-ruby (~> 1.0)
      hanami-utils (~> 1.3)
    hanami-utils (1.3.8)
      concurrent-ruby (~> 1.0)
      transproc (~> 1.0)
    rainbow (3.0.0)
    rake (10.5.0)
    rspec (3.10.0)
      rspec-core (~> 3.10.0)
      rspec-expectations (~> 3.10.0)
      rspec-mocks (~> 3.10.0)
    rspec-core (3.10.1)
      rspec-support (~> 3.10.0)
    rspec-expectations (3.10.1)
      diff-lcs (>= 1.2.0, < 2.0)
      rspec-support (~> 3.10.0)
    rspec-mocks (3.10.2)
      diff-lcs (>= 1.2.0, < 2.0)
      rspec-support (~> 3.10.0)
    rspec-support (3.10.3)
    terrapin (0.6.0)
      climate_control (>= 0.0.3, < 1.0)
    transproc (1.1.1)

PLATFORMS
  ruby

DEPENDENCIES
  bundler (~> 2.1.4)
  heyterminal!
  rake (~> 10.0)
  rspec (~> 3.0)

BUNDLED WITH
   2.1.4
